GIT
  remote: https://github.com/nwops/retrospec.git
  revision: b390da6a7e1d2b7cd5a1b38848dd69b375ee6b63
  specs:
    retrospec (0.7.0)
      optimist (~> 3.0.0)

PATH
  remote: .
  specs:
    puppet-retrospec (1.8.0)
      awesome_print
      facets
      optimist (~> 3.0.0)
      retrospec (~> 0.7.0)

PATH
  remote: vendor/pup410
  specs:
    puppet (4.10.8)

GEM
  remote: http://rubygems.org/
  specs:
    ast (2.4.0)
    awesome_print (1.8.0)
    childprocess (0.9.0)
      ffi (~> 1.0, >= 1.0.11)
    coderay (1.1.2)
    diff-lcs (1.3)
    facets (3.1.0)
    facter (2.5.1)
    fakefs (0.20.1)
    ffi (1.11.1)
    iniparse (1.4.4)
    jaro_winkler (1.5.3)
    json (1.8.6)
    json_pure (2.0.1)
    method_source (0.9.2)
    optimist (3.0.0)
    overcommit (0.48.1)
      childprocess (~> 0.6, >= 0.6.3)
      iniparse (~> 1.4)
    parallel (1.17.0)
    parser (2.6.3.0)
      ast (~> 2.4.0)
    pry (0.12.2)
      coderay (~> 1.1.0)
      method_source (~> 0.9.0)
    rainbow (3.0.0)
    rake (12.3.2)
    rb-readline (0.5.5)
    rdoc (3.12.2)
      json (~> 1.4)
    rspec (3.8.0)
      rspec-core (~> 3.8.0)
      rspec-expectations (~> 3.8.0)
      rspec-mocks (~> 3.8.0)
    rspec-core (3.8.1)
      rspec-support (~> 3.8.0)
    rspec-expectations (3.8.4)
      diff-lcs (>= 1.2.0, < 2.0)
      rspec-support (~> 3.8.0)
    rspec-mocks (3.8.1)
      diff-lcs (>= 1.2.0, < 2.0)
      rspec-support (~> 3.8.0)
    rspec-support (3.8.2)
    rubocop (0.71.0)
      jaro_winkler (~> 1.5.1)
      parallel (~> 1.10)
      parser (>= 2.6)
      rainbow (>= 2.2.2, < 4.0)
      ruby-progressbar (~> 1.7)
      unicode-display_width (>= 1.4.0, < 1.7)
    ruby-progressbar (1.10.1)
    unicode-display_width (1.6.0)
    yard (0.9.20)

PLATFORMS
  ruby

DEPENDENCIES
  awesome_print
  bundler (~> 2.0)
  facets
  facter
  fakefs
  json_pure (= 2.0.1)
  optimist (~> 3.0.0)
  overcommit
  pry
  puppet (= 4.10.8)!
  puppet-retrospec!
  rake
  rb-readline
  rdoc (~> 3.12)
  retrospec!
  rspec (~> 3.2)
  rubocop
  yard (~> 0.9)

BUNDLED WITH
   2.0.1
